GEM
  remote: https://rubygems.org/
  specs:
    cassandra-cql (1.2.2)
      simple_uuid (>= 0.2.0)
      thrift_client (>= 0.7.1, < 0.9)
    json (1.8.1)
    simple_uuid (0.4.0)
    thrift (0.8.0)
    thrift_client (0.8.4)
      thrift (~> 0.8.0)

PLATFORMS
  ruby

DEPENDENCIES
  cassandra-cql
  json
